GEM
  remote: http://rubygems.org/
  remote: http://gems.github.com/
  specs:
    Ascii85 (1.0.2)
    activemodel (3.2.12)
      activesupport (= 3.2.12)
      builder (~> 3.0.0)
    activerecord (3.2.12)
      activemodel (= 3.2.12)
      activesupport (= 3.2.12)
      arel (~> 3.0.2)
      tzinfo (~> 0.3.29)
    activesupport (3.2.12)
      i18n (~> 0.6)
      multi_json (~> 1.0)
    afm (0.2.0)
    arel (3.0.2)
    builder (3.0.4)
    hashery (2.1.0)
    i18n (0.6.4)
    json (1.7.7)
    multi_json (1.6.1)
    mysql2 (0.3.11)
    pdf-reader (1.3.2)
      Ascii85 (~> 1.0.0)
      afm (~> 0.2.0)
      hashery (~> 2.0)
      ruby-rc4
      ttfunk
    prawn (0.12.0)
      pdf-reader (>= 0.9.0)
      ttfunk (~> 1.0.2)
    prawn-core (0.8.4)
    rack (1.5.2)
    rack-protection (1.5.0)
      rack
    ruby-rc4 (0.1.5)
    sbfaulkner-sinatra-prawn (0.9.2.1)
      prawn
    sinatra (1.3.5)
      rack (~> 1.4)
      rack-protection (~> 1.3)
      tilt (~> 1.3, >= 1.3.3)
    sinatra-respond_to (0.9.0)
      sinatra (~> 1.3)
    slim (1.3.6)
      temple (~> 0.5.5)
      tilt (~> 1.3.3)
    temple (0.5.5)
    tilt (1.3.5)
    to-csv (1.0.3)
      activesupport (>= 2.3.5)
    ttfunk (1.0.3)
    tzinfo (0.3.37)
    xml-simple (1.1.2)

PLATFORMS
  ruby

DEPENDENCIES
  activerecord
  json
  mysql2
  prawn
  prawn-core
  sbfaulkner-sinatra-prawn
  sinatra
  sinatra-respond_to
  slim
  to-csv
  xml-simple
